GEM
  remote: https://rubygems.org/
  specs:
    ast (2.4.2)
    diff-lcs (1.5.1)
    erubis (2.7.0)
    excon (0.109.0)
    heroics (0.1.2)
      erubis (~> 2.0)
      excon
      moneta
      multi_json (>= 1.9.2)
      webrick
    heroku_hatchet (8.0.3)
      excon (~> 0)
      platform-api (~> 3)
      rrrretry (~> 1)
      thor (~> 1)
      threaded (~> 0)
    json (2.7.1)
    language_server-protocol (3.17.0.3)
    moneta (1.0.0)
    multi_json (1.15.0)
    parallel (1.24.0)
    parallel_split_test (0.10.0)
      parallel (>= 0.5.13)
      rspec-core (>= 3.9.0)
    parser (3.3.0.5)
      ast (~> 2.4.1)
      racc
    platform-api (3.6.0)
      heroics (~> 0.1.1)
      moneta (~> 1.0.0)
      rate_throttle_client (~> 0.1.0)
    racc (1.7.3)
    rainbow (3.1.1)
    rate_throttle_client (0.1.2)
    regexp_parser (2.9.0)
    rexml (3.2.6)
    rrrretry (1.0.0)
    rspec-core (3.13.0)
      rspec-support (~> 3.13.0)
    rspec-expectations (3.13.0)
      diff-lcs (>= 1.2.0, < 2.0)
      rspec-support (~> 3.13.0)
    rspec-support (3.13.1)
    rubocop (1.61.0)
      json (~> 2.3)
      language_server-protocol (>= 3.17.0)
      parallel (~> 1.10)
      parser (>= 3.3.0.2)
      rainbow (>= 2.2.2, < 4.0)
      regexp_parser (>= 1.8, < 3.0)
      rexml (>= 3.2.5, < 4.0)
      rubocop-ast (>= 1.30.0, < 2.0)
      ruby-progressbar (~> 1.7)
      unicode-display_width (>= 2.4.0, < 3.0)
    rubocop-ast (1.31.1)
      parser (>= 3.3.0.4)
    rubocop-capybara (2.20.0)
      rubocop (~> 1.41)
    rubocop-factory_bot (2.25.1)
      rubocop (~> 1.41)
    rubocop-rspec (2.27.1)
      rubocop (~> 1.40)
      rubocop-capybara (~> 2.17)
      rubocop-factory_bot (~> 2.22)
    ruby-progressbar (1.13.0)
    thor (1.3.1)
    threaded (0.0.4)
    unicode-display_width (2.5.0)
    webrick (1.8.1)

PLATFORMS
  ruby

DEPENDENCIES
  heroku_hatchet
  parallel_split_test
  rspec-core
  rspec-expectations
  rubocop
  rubocop-rspec

RUBY VERSION
   ruby 3.3.0p0

BUNDLED WITH
   2.5.6
